GEM
  remote: https://rubygems.org/
  specs:
    beefcake (0.5.0)
    builder (3.2.2)
    excon (0.35.0)
    faraday (0.9.0)
      multipart-post (>= 1.2, < 3)
    fog (1.22.1)
      fog-brightbox
      fog-core (~> 1.22)
      fog-json
      ipaddress (~> 0.5)
      nokogiri (~> 1.5, >= 1.5.11)
    fog-brightbox (0.0.2)
      fog-core
      fog-json
    fog-core (1.22.0)
      builder
      excon (~> 0.33)
      formatador (~> 0.2)
      mime-types
      net-scp (~> 1.1)
      net-ssh (>= 2.1.3)
    fog-json (1.0.0)
      multi_json (~> 1.0)
    formatador (0.2.5)
    ipaddress (0.8.0)
    mime-types (2.3)
    mini_portile (0.6.0)
    mtrc (0.0.4)
    multi_json (1.10.1)
    multipart-post (2.0.0)
    munin-ruby (0.2.5)
    net-scp (1.2.1)
      net-ssh (>= 2.6.5)
    net-ssh (2.9.1)
    nokogiri (1.6.2.1)
      mini_portile (= 0.6.0)
    redis (3.0.7)
    riemann-client (0.2.3)
      beefcake (>= 0.3.5)
      mtrc (>= 0.0.4)
      trollop (>= 1.16.2)
    riemann-tools (0.2.1)
      faraday (>= 0.8.5)
      fog (>= 1.4.0)
      munin-ruby (>= 0.2.1)
      nokogiri (>= 1.5.6)
      redis (>= 3.0.2)
      riemann-client (>= 0.2.2)
      trollop (>= 1.16.2)
      yajl-ruby (>= 1.1.0)
    trollop (2.0)
    yajl-ruby (1.2.0)

PLATFORMS
  ruby

DEPENDENCIES
  riemann-tools (~> 0.2.1)
